GEM
  remote: http://rubygems.org/
  specs:
    builder (3.0.0)
    capybara (1.1.2)
      mime-types (>= 1.16)
      nokogiri (>= 1.3.3)
      rack (>= 1.0.0)
      rack-test (>= 0.5.4)
      selenium-webdriver (~> 2.0)
      xpath (~> 0.1.4)
    childprocess (0.2.3)
      ffi (~> 1.0.6)
    cucumber (1.1.3)
      builder (>= 2.1.2)
      diff-lcs (>= 1.1.2)
      gherkin (~> 2.6.7)
      json (>= 1.4.6)
      term-ansicolor (>= 1.0.6)
    diff-lcs (1.1.3)
    ffi (1.0.11)
    gherkin (2.6.9)
      json (>= 1.4.6)
    jasmine (1.1.2)
      jasmine-core (>= 1.1.0)
      rack (>= 1.1)
      rspec (>= 1.3.1)
      selenium-webdriver (>= 0.1.3)
    jasmine-core (1.1.0)
    json (1.6.3)
    mime-types (1.17.2)
    multi_json (1.0.4)
    nokogiri (1.5.0)
    rack (1.3.5)
    rack-test (0.6.1)
      rack (>= 1.0)
    rake (0.9.2.2)
    rspec (2.7.0)
      rspec-core (~> 2.7.0)
      rspec-expectations (~> 2.7.0)
      rspec-mocks (~> 2.7.0)
    rspec-core (2.7.1)
    rspec-expectations (2.7.0)
      diff-lcs (~> 1.1.2)
    rspec-mocks (2.7.0)
    rubyzip (0.9.5)
    sass (3.1.11)
    selenium-webdriver (2.15.0)
      childprocess (>= 0.2.1)
      ffi (~> 1.0.9)
      multi_json (~> 1.0.4)
      rubyzip
    term-ansicolor (1.0.7)
    xpath (0.1.4)
      nokogiri (~> 1.3)
    zayin (0.0.4)
      rake (~> 0.8)

PLATFORMS
  ruby

DEPENDENCIES
  capybara
  cucumber
  jasmine
  rake
  rspec-expectations
  sass
  selenium-webdriver
  zayin
